GEM
  remote: https://rubygems.org/
  specs:
    diff-lcs (1.2.1)
    facter (1.6.17)
    hiera (1.1.2)
      json_pure
    hiera-puppet (1.0.0)
      hiera (~> 1.0)
    json (1.7.7)
    json_pure (1.7.7)
    librarian-puppet (0.9.8)
      json
      thor (~> 0.15)
    metaclass (0.0.1)
    mocha (0.13.2)
      metaclass (~> 0.0.1)
    puppet (3.1.0)
      facter (~> 1.6)
      hiera (~> 1.0)
    puppet-lint (0.3.2)
    puppetlabs_spec_helper (0.4.1)
      mocha (>= 0.10.5)
      rake
      rspec (>= 2.9.0)
      rspec-puppet (>= 0.1.1)
    rake (10.0.3)
    rspec (2.13.0)
      rspec-core (~> 2.13.0)
      rspec-expectations (~> 2.13.0)
      rspec-mocks (~> 2.13.0)
    rspec-core (2.13.0)
    rspec-expectations (2.13.0)
      diff-lcs (>= 1.1.3, < 2.0)
    rspec-hiera-puppet (1.0.0)
      hiera (>= 1.0)
      hiera-puppet (>= 1.0)
      puppet (>= 3.0)
      rspec
      rspec-puppet
    rspec-mocks (2.13.0)
    rspec-puppet (0.1.6)
      rspec
    thor (0.17.0)

PLATFORMS
  ruby

DEPENDENCIES
  facter (>= 1.6.17)
  librarian-puppet (>= 0.9.7)
  puppet (>= 3.1.0)
  puppet-lint (>= 0.3.2)
  puppetlabs_spec_helper (>= 0.3.0)
  rake
  rspec-hiera-puppet (>= 1.0.0)
  rspec-puppet (>= 0.1.5)
